RESTRICTION: == net451
NUGET
  remote: https://api.nuget.org/v3/index.json
    FSharp.Compiler.Service (13.0)
      System.Collections.Immutable (>= 1.3.1)
      System.Reflection.Metadata (>= 1.4.2)
    FSharp.Compiler.Service.ProjectCracker (13.0)
    FSharp.Core (4.5)
    Microsoft.CodeCoverage (1.0.3)
    Microsoft.CSharp (4.5)
    Microsoft.NET.Test.Sdk (15.7.2)
      Microsoft.CodeCoverage (>= 1.0.3)
    Microsoft.TestPlatform.ObjectModel (15.7.2)
      System.Reflection.Metadata (>= 1.3)
      System.Runtime.InteropServices.RuntimeInformation (>= 4.3)
    Persimmon (4.0.2)
      FSharp.Core (>= 3.1.2.5)
    Persimmon.TestAdapter (0.11)
      FSharp.Compiler.Service (>= 13.0 < 14.0)
      FSharp.Compiler.Service.ProjectCracker (>= 13.0 < 14.0)
      FSharp.Core (>= 3.1.2.5)
      Microsoft.CSharp (>= 4.3)
      Microsoft.TestPlatform.ObjectModel (>= 15.5)
    System.Collections.Immutable (1.5)
    System.Reflection.Metadata (1.6)
      System.Collections.Immutable (>= 1.5)
    System.Runtime.InteropServices.RuntimeInformation (4.3)
